GEM
  specs:
    bower-rails (0.11.0)

PLATFORMS
  ruby

DEPENDENCIES
  bower-rails (= 0.11.0)

BUNDLED WITH
   1.16.0.pre.3
